GEM
  remote: https://rubygems.org/
  specs:
    docker-api (1.22.2)
      excon (>= 0.38.0)
      json
    excon (0.45.4)
    gpgme (2.0.9)
      mini_portile (>= 0.5.0)
    json (1.8.3)
    mini_portile (0.6.2)

PLATFORMS
  ruby

DEPENDENCIES
  docker-api
  gpgme (~> 2.0)

BUNDLED WITH
   1.10.6
